GEM
  remote: http://rubygems.org/
  specs:
    ansi (1.5.0)
    builder (3.2.3)
    minitest (5.11.3)
    minitest-reporters (1.3.5)
      ansi
      builder
      minitest (>= 5.0)
      ruby-progressbar
    openstudio-api-stubs (0.1.0)
    openstudio-standards (0.2.9)
    rake (12.3.1)
    ruby-progressbar (1.10.0)

PLATFORMS
  mswin64
  ruby
  x64-mingw32

DEPENDENCIES
  ansi
  builder
  minitest
  minitest-reporters
  openstudio-api-stubs
  openstudio-standards
  rake

BUNDLED WITH
   1.16.6
