GEM
  remote: http://rubygems.org/
  specs:
    ansi (1.5.0)
    builder (3.2.4)
    minitest (5.18.0)
    minitest-reporters (1.6.0)
      ansi
      builder
      minitest (>= 5.0)
      ruby-progressbar
    openstudio-api-stubs (0.1.0)
    openstudio-standards (0.2.9)
    rake (13.0.6)
    ruby-progressbar (1.13.0)

PLATFORMS
  x64-mingw32

DEPENDENCIES
  ansi
  builder
  minitest
  minitest-reporters
  openstudio-api-stubs
  openstudio-standards
  rake

BUNDLED WITH
   2.1.4
